PATH
  remote: .
  specs:
    wurzelzwerg (0.1)

GEM
  remote: http://rubygems.org/
  specs:
    amq-client (0.9.5)
      amq-protocol (>= 0.9.4)
      eventmachine
    amq-protocol (0.9.5)
    amqp (0.9.8)
      amq-client (~> 0.9.5)
      amq-protocol (>= 0.9.4)
      eventmachine
    diff-lcs (1.1.3)
    eventmachine (1.0.0)
    rake (10.0.0)
    rspec (2.11.0)
      rspec-core (~> 2.11.0)
      rspec-expectations (~> 2.11.0)
      rspec-mocks (~> 2.11.0)
    rspec-core (2.11.1)
    rspec-expectations (2.11.3)
      diff-lcs (~> 1.1.3)
    rspec-mocks (2.11.3)

PLATFORMS
  ruby

DEPENDENCIES
  amqp
  rake
  rspec
  wurzelzwerg!
